{
	"Manufacturer": "Philips",
	"PatientPosition": "HFS",
	"SeriesDescription": "ImageMRSERIES",
	"ProtocolName": "WIPDTISENSE",
	"SeriesNumber": 7,
	"AcquisitionNumber": 7,
	"ImageComments": "PreK",
	"PhilipsRescaleSlope": 7.03712,
	"PhilipsRescaleIntercept": 0,
	"PhilipsScaleSlope": 0.000655856,
	"UsePhilipsFloatNotDisplayScaling": 1,
	"EchoTime": 0.083,
        "PhaseEncodingDirection": "j",
	"EffectiveEchoSpacing": 0.00044524589,
	"TotalReadoutTime": 0.0284957368,
	"RepetitionTime": 7.2,
	"ReconMatrixPE": 96,
	"ImageOrientationPatientDICOM": [
		1,
		0,
		0,
		0,
		1,
		0	],
	"ConversionSoftware": "dcm2niix",
	"ConversionSoftwareVersion": "v1.0.20190902"
}
