{
	"Manufacturer": "Philips",
	"PatientPosition": "HFS",
	"SeriesDescription": "ImageMRSERIES",
	"ProtocolName": "WIPDTI_revSENSE",
	"SeriesNumber": 8,
	"AcquisitionNumber": 8,
	"ImageComments": "PreK",
	"PhilipsRescaleSlope": 4.29719,
	"PhilipsRescaleIntercept": 0,
	"PhilipsScaleSlope": 0.00104526,
	"UsePhilipsFloatNotDisplayScaling": 1,
	"EchoTime": 0.083,
	"RepetitionTime": 7.2,
	"ReconMatrixPE": 96,
	"ImageOrientationPatientDICOM": [
		0.994587,
		0.103506,
		0.00908788,
		-0.103658,
		0.994447,
		0.0181788	],
        "PhaseEncodingDirection": "j-",
        "EffectiveEchoSpacing": 0.00044524589,
        "TotalReadoutTime": 0.0284957368,
        "IntendedFor": "ses-post/dwi/sub-1916_ses-post_acq-b1500_dwi.nii.gz",
	"ConversionSoftware": "dcm2niix",
	"ConversionSoftwareVersion": "v1.0.20190902"
}
