{
	"Manufacturer": "Philips",
	"PatientPosition": "HFS",
	"SeriesDescription": "ImageMRSERIES",
	"ProtocolName": "WIPDTI_revSENSE",
	"SeriesNumber": 8,
	"AcquisitionNumber": 8,
	"ImageComments": "PreK",
	"PhilipsRescaleSlope": 4.39341,
	"PhilipsRescaleIntercept": 0,
	"PhilipsScaleSlope": 0.00109114,
	"UsePhilipsFloatNotDisplayScaling": 1,
	"EchoTime": 0.083,
	"RepetitionTime": 7.2,
	"ReconMatrixPE": 96,
	"ImageOrientationPatientDICOM": [
		1,
		0,
		0,
		0,
		1,
		0	],
        "PhaseEncodingDirection": "j-",
        "EffectiveEchoSpacing": 0.00044524589,
        "TotalReadoutTime": 0.0284957368,
        "IntendedFor": "ses-pre/dwi/sub-1762_ses-pre_acq-b1500_dwi.nii.gz",
	"ConversionSoftware": "dcm2niix",
	"ConversionSoftwareVersion": "v1.0.20190902"
}
